GEM
  remote: https://rubygems.org/
  specs:
    byebug (10.0.0)

PLATFORMS
  ruby

DEPENDENCIES
  byebug

RUBY VERSION
   ruby 2.4.3p205

BUNDLED WITH
   1.16.1
