GEM
  specs:
    byebug (9.1.0)

PLATFORMS
  ruby

DEPENDENCIES
  byebug

RUBY VERSION
   ruby 2.4.3p205

BUNDLED WITH
   1.16.1
